GEM
  remote: http://rubygems.org/
  specs:
    activemodel (3.2.11)
      activesupport (= 3.2.11)
      builder (~> 3.0.0)
    activesupport (3.2.11)
      i18n (~> 0.6)
      multi_json (~> 1.0)
    addressable (2.3.2)
    backports (2.8.2)
    bond (0.4.3)
    bson (1.8.2)
    bson_ext (1.8.2)
      bson (~> 1.8.2)
    builder (3.0.4)
    childprocess (0.3.7)
      ffi (~> 1.0, >= 1.0.6)
    coffee-script (2.2.0)
      coffee-script-source
      execjs
    coffee-script-source (1.4.0)
    daemons (1.1.9)
    deep_merge (1.0.0)
    diff-lcs (1.1.3)
    directory_watcher (1.4.1)
    eventmachine (1.0.0)
    execjs (1.4.0)
      multi_json (~> 1.0)
    ffi (1.3.1)
    guard (1.0.3)
      ffi (>= 0.5.0)
      thor (>= 0.14.6)
    guard-coffeescript (0.6.0)
      coffee-script (>= 2.2.0)
      guard (>= 0.8.3)
    haml (3.1.7)
    i18n (0.6.1)
    jasmine (1.3.1)
      jasmine-core (~> 1.3.1)
      rack (~> 1.0)
      rspec (>= 1.3.1)
      selenium-webdriver (>= 0.1.3)
    jasmine-core (1.3.1)
    jsmin (1.0.1)
    json (1.7.6)
    liquid (2.4.1)
    log4r (1.1.10)
    mongo (1.8.2)
      bson (~> 1.8.2)
    mongo_ext (0.19.3)
    mongo_mapper (0.12.0)
      activemodel (~> 3.0)
      activesupport (~> 3.0)
      plucky (~> 0.5.2)
    multi_json (1.0.4)
    net-http-persistent (2.8)
    net-ldap (0.3.1)
    net-ping (1.4.1)
    oats (0.1.4)
      log4r
      net-http-persistent
    plucky (0.5.2)
      mongo (~> 1.5)
    rack (1.5.1)
    rack-protection (1.3.2)
      rack
    rack-test (0.6.2)
      rack (>= 1.0)
    rack-webconsole (0.1.4)
      multi_json (~> 1.0.3)
      rack
      ripl (~> 0.5.1)
      ripl-multi_line (~> 0.3.0)
    racksh (1.0.0)
      rack (>= 1.0)
      rack-test (>= 0.5)
    rake (10.0.3)
    rdiscount (2.0.7)
    ripl (0.5.1)
      bond (~> 0.4.0)
    ripl-multi_line (0.3.0)
      ripl (>= 0.3.6)
    rspec (2.12.0)
      rspec-core (~> 2.12.0)
      rspec-expectations (~> 2.12.0)
      rspec-mocks (~> 2.12.0)
    rspec-core (2.12.2)
    rspec-expectations (2.12.1)
      diff-lcs (~> 1.1.3)
    rspec-mocks (2.12.2)
    ruby-pam (1.5)
    rubyzip (0.9.9)
    selenium-webdriver (2.29.0)
      childprocess (>= 0.2.5)
      multi_json (~> 1.0)
      rubyzip
      websocket (~> 1.0.4)
    shotgun (0.9)
      rack (>= 1.0)
    sinatra (1.3.4)
      rack (~> 1.4)
      rack-protection (~> 1.3)
      tilt (~> 1.3, >= 1.3.3)
    sinatra-assetpack (0.1.2)
      jsmin
      rack-test
      sinatra
      tilt (>= 1.3.0)
    sinatra-contrib (1.3.2)
      backports (>= 2.0)
      eventmachine
      rack-protection
      rack-test
      sinatra (~> 1.3.0)
      tilt (~> 1.3)
    sinatra-cross_origin (0.2.0)
    slop (3.3.2)
    stasis (0.2.0)
      directory_watcher (= 1.4.1)
      slop (= 3.3.2)
      tilt (= 1.3.3)
    thin (1.5.0)
      daemons (>= 1.0.9)
      eventmachine (>= 0.12.6)
      rack (>= 1.0.0)
    thor (0.17.0)
    tilt (1.3.3)
    websocket (1.0.7)

PLATFORMS
  ruby

DEPENDENCIES
  addressable
  bson_ext
  deep_merge
  guard (~> 1.0.2)
  guard-coffeescript (~> 0.6.0)
  haml
  jasmine
  json
  liquid
  mongo
  mongo_ext
  mongo_mapper
  net-ldap
  net-ping
  oats
  rack-webconsole
  racksh
  rake
  rdiscount
  rspec
  ruby-pam
  shotgun
  sinatra
  sinatra-assetpack
  sinatra-contrib
  sinatra-cross_origin
  stasis
  thin
