GEM
  remote: https://rubygems.org/
  specs:
    activemodel (4.0.0)
      activesupport (= 4.0.0)
      builder (~> 3.1.0)
    activesupport (4.0.0)
      i18n (~> 0.6, >= 0.6.4)
      minitest (~> 4.2)
      multi_json (~> 1.3)
      thread_safe (~> 0.1)
      tzinfo (~> 0.3.37)
    addressable (2.3.5)
    albino (1.3.3)
      posix-spawn (>= 0.3.6)
    atomic (1.1.10)
    babel_bridge (0.5.3)
    backports (3.3.3)
    beaneater (0.3.1)
    builder (3.1.4)
    classifier (1.3.3)
      fast-stemmer (>= 1.0.0)
    cucumber (1.3.8)
      builder (>= 2.1.2)
      diff-lcs (>= 1.1.3)
      gherkin (~> 2.12.1)
      multi_json (>= 1.7.5, < 2.0)
      multi_test (>= 0.0.2)
    daemons (1.1.9)
    deep_merge (1.0.0)
    diff-lcs (1.2.4)
    directory_watcher (1.4.1)
    elasticsearch (0.4.0)
      elasticsearch-api (= 0.4.0)
      elasticsearch-transport (= 0.4.0)
    elasticsearch-api (0.4.0)
      multi_json
    elasticsearch-transport (0.4.0)
      faraday
      multi_json
    eventmachine (1.0.3)
    faraday (0.8.8)
      multipart-post (~> 1.2.0)
    fast-stemmer (1.0.2)
    ffi (1.9.0)
    gherkin (2.12.1)
      multi_json (~> 1.3)
    haml (4.0.3)
      tilt
    hashlib (0.0.25)
    i18n (0.6.4)
    ipaddress (0.8.0)
    jekyll (0.11.2)
      albino (~> 1.3)
      classifier (~> 1.3)
      directory_watcher (~> 1.1)
      kramdown (~> 0.13)
      liquid (~> 2.3)
      maruku (~> 0.5)
    kramdown (0.14.2)
    liquid (2.5.1)
    listen (1.2.3)
      rb-fsevent (>= 0.9.3)
      rb-inotify (>= 0.9)
      rb-kqueue (>= 0.2)
    log4r (1.1.10)
    maruku (0.7.0)
    minitest (4.7.5)
    msgpack (0.5.5)
    multi_json (1.7.9)
    multi_test (0.0.2)
    multipart-post (1.2.0)
    net-http-persistent (2.9)
    net-ldap (0.3.1)
    net-ping (1.6.2)
      ffi (>= 1.0.0)
    oats (0.1.4)
      log4r
      net-http-persistent
    oj (2.1.4)
    posix-spawn (0.3.6)
    rack (1.5.2)
    rack-protection (1.5.0)
      rack
    rack-test (0.6.2)
      rack (>= 1.0)
    racksh (1.0.0)
      rack (>= 1.0)
      rack-test (>= 0.5)
    rainbow (1.1.4)
    rake (10.1.0)
    rb-fsevent (0.9.3)
    rb-inotify (0.9.1)
      ffi (>= 0.5.0)
    rb-kqueue (0.2.0)
      ffi (>= 0.5.0)
    rdiscount (1.6.8)
    redis (2.2.2)
    rerun (0.8.1)
      listen (>= 1.0.3)
    rpam-ruby19 (1.2.1)
    sinatra (1.4.3)
      rack (~> 1.4)
      rack-protection (~> 1.4)
      tilt (~> 1.3, >= 1.3.4)
    sinatra-contrib (1.4.0)
      backports (>= 2.0)
      eventmachine
      rack-protection
      rack-test
      sinatra (~> 1.4.2)
      tilt (~> 1.3)
    sinatra-cross_origin (0.2.0)
    sinatra-session (1.0.0)
      sinatra (>= 1.0)
    slop (2.1.0)
    snmp (1.1.1)
    stasis (0.1.23)
      directory_watcher (~> 1.4.1)
      redis (~> 2.2.2)
      slop (~> 2.1.0)
      tilt (~> 1.3.3)
      yajl-ruby (~> 1.0.0)
    statsd-ruby (1.2.1)
    thin (1.5.1)
      daemons (>= 1.0.9)
      eventmachine (>= 0.12.6)
      rack (>= 1.0.0)
    thread_safe (0.1.2)
      atomic
    tilt (1.3.7)
    tzinfo (0.3.37)
    yajl-ruby (1.0.0)

PLATFORMS
  ruby

DEPENDENCIES
  activemodel (>= 4.0.0)
  addressable
  babel_bridge
  beaneater
  cucumber
  deep_merge
  elasticsearch (>= 0.4.0)
  eventmachine
  haml
  hashlib (>= 0.0.25)
  ipaddress
  jekyll
  liquid
  msgpack
  multi_json
  net-ldap
  net-ping
  oats
  oj
  racksh
  rainbow
  rake
  rdiscount (= 1.6.8)
  rerun
  rpam-ruby19
  sinatra
  sinatra-contrib
  sinatra-cross_origin
  sinatra-session
  snmp
  stasis
  statsd-ruby
  thin
