GEM
  remote: https://rubygems.org/
  specs:
    activemodel (3.2.14)
      activesupport (= 3.2.14)
      builder (~> 3.0.0)
    activesupport (3.2.14)
      i18n (~> 0.6, >= 0.6.4)
      multi_json (~> 1.0)
    addressable (2.3.5)
    ansi (1.4.3)
    babel_bridge (0.5.3)
    backports (3.3.3)
    beaneater (0.3.1)
    bson (1.8.5)
    bson_ext (1.8.5)
      bson (~> 1.8.5)
    builder (3.0.4)
    daemons (1.1.9)
    deep_merge (1.0.0)
    directory_watcher (1.4.1)
    eventmachine (1.0.3)
    ffi (1.9.0)
    haml (4.0.3)
      tilt
    hashlib (0.0.23)
    hashr (0.0.22)
    i18n (0.6.4)
    liquid (2.5.1)
    listen (1.2.3)
      rb-fsevent (>= 0.9.3)
      rb-inotify (>= 0.9)
      rb-kqueue (>= 0.2)
    log4r (1.1.10)
    mime-types (1.23)
    mongo (1.8.5)
      bson (~> 1.8.5)
    mongo_ext (0.19.3)
    mongo_mapper (0.12.0)
      activemodel (~> 3.0)
      activesupport (~> 3.0)
      plucky (~> 0.5.2)
    msgpack (0.5.5)
    multi_json (1.7.9)
    net-http-persistent (2.9)
    net-ldap (0.3.1)
    net-ping (1.6.2)
      ffi (>= 1.0.0)
    oats (0.1.4)
      log4r
      net-http-persistent
    oj (2.1.4)
    plucky (0.5.2)
      mongo (~> 1.5)
    rack (1.5.2)
    rack-protection (1.5.0)
      rack
    rack-test (0.6.2)
      rack (>= 1.0)
    racksh (1.0.0)
      rack (>= 1.0)
      rack-test (>= 0.5)
    rainbow (1.1.4)
    rake (10.1.0)
    rb-fsevent (0.9.3)
    rb-inotify (0.9.1)
      ffi (>= 0.5.0)
    rb-kqueue (0.2.0)
      ffi (>= 0.5.0)
    rdiscount (1.6.8)
    redis (2.2.2)
    rerun (0.8.1)
      listen (>= 1.0.3)
    rest-client (1.6.7)
      mime-types (>= 1.16)
    rpam-ruby19 (1.2.1)
    sinatra (1.4.3)
      rack (~> 1.4)
      rack-protection (~> 1.4)
      tilt (~> 1.3, >= 1.3.4)
    sinatra-contrib (1.4.0)
      backports (>= 2.0)
      eventmachine
      rack-protection
      rack-test
      sinatra (~> 1.4.2)
      tilt (~> 1.3)
    sinatra-cross_origin (0.2.0)
    sinatra-session (1.0.0)
      sinatra (>= 1.0)
    slop (2.1.0)
    snmp (1.1.1)
    stasis (0.1.11)
      directory_watcher (~> 1.4.0)
      redis (~> 2.2.1)
      slop (~> 2.1.0)
      tilt (~> 1.3)
      yajl-ruby (~> 0.8.2)
    statsd-ruby (1.2.1)
    thin (1.5.1)
      daemons (>= 1.0.9)
      eventmachine (>= 0.12.6)
      rack (>= 1.0.0)
    tilt (1.4.1)
    tire (0.6.0)
      activemodel (>= 3.0)
      activesupport
      ansi
      hashr (~> 0.0.19)
      multi_json (~> 1.3)
      rake
      rest-client (~> 1.6)
    yajl-ruby (0.8.3)

PLATFORMS
  ruby

DEPENDENCIES
  addressable
  babel_bridge
  beaneater
  bson (= 1.8.5)
  bson_ext (= 1.8.5)
  deep_merge
  eventmachine
  haml
  hashlib (>= 0.0.23)
  liquid
  mongo
  mongo_ext
  mongo_mapper
  msgpack
  multi_json
  net-ldap
  net-ping
  oats
  oj
  racksh
  rainbow
  rake
  rdiscount (= 1.6.8)
  rerun
  rpam-ruby19
  sinatra
  sinatra-contrib
  sinatra-cross_origin
  sinatra-session
  snmp
  stasis
  statsd-ruby
  thin
  tire
