GIT
  remote: git://github.com/portertech/ruby-pam.git
  revision: 7b296a0048ac0f6a66b85590c45d5d98ddd4afcf
  specs:
    ruby-pam (1.5)

GEM
  remote: http://rubygems.org/
  specs:
    active_support (3.0.0)
      activesupport (= 3.0.0)
    activemodel (3.0.0)
      activesupport (= 3.0.0)
      builder (~> 2.1.2)
      i18n (~> 0.4.1)
    activesupport (3.0.0)
    addressable (2.3.3)
    backports (3.1.1)
    bson (1.8.3)
    bson_ext (1.8.3)
      bson (~> 1.8.3)
    builder (2.1.2)
    capybara (2.0.3)
      mime-types (>= 1.16)
      nokogiri (>= 1.3.3)
      rack (>= 1.0.0)
      rack-test (>= 0.5.4)
      selenium-webdriver (~> 2.0)
      xpath (~> 1.0.0)
    childprocess (0.3.9)
      ffi (~> 1.0, >= 1.0.11)
    cucumber (1.2.1)
      builder (>= 2.1.2)
      diff-lcs (>= 1.1.3)
      gherkin (~> 2.11.0)
      json (>= 1.4.6)
    cucumber-sinatra (0.5.0)
      templater (>= 1.0.0)
    daemons (1.1.9)
    deep_merge (1.0.0)
    diff-lcs (1.2.1)
    directory_watcher (1.4.1)
    eventmachine (1.0.3)
    extlib (0.9.16)
    ffi (1.6.0)
    gherkin (2.11.6)
      json (>= 1.7.6)
    haml (4.0.1)
      tilt
    hashlib (0.0.8)
    highline (1.6.16)
    i18n (0.4.2)
    json (1.7.7)
    liquid (2.5.0)
    listen (0.7.3)
    log4r (1.1.10)
    mime-types (1.21)
    mongo (1.8.3)
      bson (~> 1.8.3)
    mongo_ext (0.19.3)
    mongo_mapper (0.12.0)
      activemodel (~> 3.0)
      activesupport (~> 3.0)
      plucky (~> 0.5.2)
    multi_json (1.0.4)
    net-http-persistent (2.8)
    net-ldap (0.3.1)
    net-ping (1.6.0)
      ffi (>= 1.0.0)
    nokogiri (1.5.9)
    oats (0.1.4)
      log4r
      net-http-persistent
    plucky (0.5.2)
      mongo (~> 1.5)
    rack (1.5.2)
    rack-protection (1.5.0)
      rack
    rack-test (0.6.2)
      rack (>= 1.0)
    racksh (1.0.0)
      rack (>= 1.0)
      rack-test (>= 0.5)
    rake (10.0.4)
    rb-inotify (0.8.8)
      ffi (>= 0.5.0)
    rdiscount (1.6.8)
    redis (2.2.2)
    rerun (0.8.0)
      listen
    rspec (2.13.0)
      rspec-core (~> 2.13.0)
      rspec-expectations (~> 2.13.0)
      rspec-mocks (~> 2.13.0)
    rspec-core (2.13.1)
    rspec-expectations (2.13.0)
      diff-lcs (>= 1.1.3, < 2.0)
    rspec-mocks (2.13.0)
    rubyzip (0.9.9)
    selenium-webdriver (2.31.0)
      childprocess (>= 0.2.5)
      multi_json (~> 1.0)
      rubyzip
      websocket (~> 1.0.4)
    sinatra (1.3.6)
      rack (~> 1.4)
      rack-protection (~> 1.3)
      tilt (~> 1.3, >= 1.3.3)
    sinatra-contrib (1.3.2)
      backports (>= 2.0)
      eventmachine
      rack-protection
      rack-test
      sinatra (~> 1.3.0)
      tilt (~> 1.3)
    sinatra-cross_origin (0.2.0)
    sinatra-session (1.0.0)
      sinatra (>= 1.0)
    slop (2.1.0)
    stasis (0.1.23)
      directory_watcher (~> 1.4.1)
      redis (~> 2.2.2)
      slop (~> 2.1.0)
      tilt (~> 1.3.3)
      yajl-ruby (~> 1.0.0)
    templater (1.0.0)
      diff-lcs (>= 1.1.2)
      extlib (>= 0.9.5)
      highline (>= 1.4.0)
    thin (1.5.1)
      daemons (>= 1.0.9)
      eventmachine (>= 0.12.6)
      rack (>= 1.0.0)
    tilt (1.3.6)
    websocket (1.0.7)
    xpath (1.0.0)
      nokogiri (~> 1.3)
    yajl-ruby (1.0.0)

PLATFORMS
  ruby

DEPENDENCIES
  active_support
  addressable
  bson_ext
  capybara
  cucumber
  cucumber-sinatra
  deep_merge
  haml
  hashlib (>= 0.0.8)
  json
  liquid
  mongo
  mongo_ext
  mongo_mapper
  net-ldap
  net-ping
  oats
  racksh
  rake
  rb-inotify (= 0.8.8)
  rdiscount (= 1.6.8)
  rerun
  rspec
  ruby-pam!
  sinatra
  sinatra-contrib
  sinatra-cross_origin
  sinatra-session
  stasis
  thin
