GEM
  remote: https://rubygems.org/
  specs:
    activemodel (4.0.0)
      activesupport (= 4.0.0)
      builder (~> 3.1.0)
    activesupport (4.0.0)
      i18n (~> 0.6, >= 0.6.4)
      minitest (~> 4.2)
      multi_json (~> 1.3)
      thread_safe (~> 0.1)
      tzinfo (~> 0.3.37)
    addressable (2.3.5)
    akami (1.2.0)
      gyoku (>= 0.4.0)
      nokogiri (>= 1.4.0)
    albino (1.3.3)
      posix-spawn (>= 0.3.6)
    atomic (1.1.10)
    babel_bridge (0.5.3)
    backports (3.3.3)
    buff-config (0.4.0)
      buff-extensions (~> 0.3)
      varia_model (~> 0.1)
    buff-extensions (0.5.0)
    buff-ignore (1.1.0)
    buff-ruby_engine (0.1.0)
    buff-shell_out (0.1.1)
      buff-ruby_engine (~> 0.1.0)
    builder (3.1.4)
    celluloid (0.15.2)
      timers (~> 1.1.0)
    celluloid-io (0.15.0)
      celluloid (>= 0.15.0)
      nio4r (>= 0.5.0)
    classifier (1.3.3)
      fast-stemmer (>= 1.0.0)
    cucumber (1.3.8)
      builder (>= 2.1.2)
      diff-lcs (>= 1.1.3)
      gherkin (~> 2.12.1)
      multi_json (>= 1.7.5, < 2.0)
      multi_test (>= 0.0.2)
    daemons (1.1.9)
    deep_merge (1.0.0)
    diff-lcs (1.2.4)
    directory_watcher (1.4.1)
    elasticsearch (0.4.0)
      elasticsearch-api (= 0.4.0)
      elasticsearch-transport (= 0.4.0)
    elasticsearch-api (0.4.0)
      multi_json
    elasticsearch-transport (0.4.0)
      faraday
      multi_json
    erubis (2.7.0)
    eventmachine (1.0.3)
    facter (1.7.2)
    faraday (0.8.8)
      multipart-post (~> 1.2.0)
    fast-stemmer (1.0.2)
    ffi (1.9.0)
    gherkin (2.12.1)
      multi_json (~> 1.3)
    gssapi (1.0.3)
      ffi (>= 1.0.1)
    gyoku (1.1.0)
      builder (>= 2.1.2)
    haml (4.0.3)
      tilt
    hashie (2.0.5)
    hashlib (0.0.34)
    httparty (0.11.0)
      multi_json (~> 1.0)
      multi_xml (>= 0.5.2)
    httpclient (2.3.3)
    httpi (0.9.7)
      rack
    i18n (0.6.4)
    ipaddress (0.8.0)
    jekyll (0.11.2)
      albino (~> 1.3)
      classifier (~> 1.3)
      directory_watcher (~> 1.1)
      kramdown (~> 0.13)
      liquid (~> 2.3)
      maruku (~> 0.5)
    json (1.8.0)
    kramdown (0.14.2)
    liquid (2.5.1)
    little-plugger (1.1.3)
    log4r (1.1.10)
    logging (1.8.1)
      little-plugger (>= 1.1.3)
      multi_json (>= 1.3.6)
    maruku (0.7.0)
    minitest (4.7.5)
    mixlib-authentication (1.3.0)
      mixlib-log
    mixlib-log (1.6.0)
    mono_logger (1.1.0)
    msgpack (0.5.5)
    multi_json (1.7.9)
    multi_test (0.0.2)
    multi_xml (0.5.4)
    multipart-post (1.2.0)
    net-http-persistent (2.9)
    net-ldap (0.3.1)
    net-ping (1.6.2)
      ffi (>= 1.0.0)
    net-ssh (2.6.5)
    nio4r (0.5.0)
    nokogiri (1.5.9)
    nori (1.1.5)
    oats (0.1.4)
      log4r
      net-http-persistent
    oj (2.1.4)
    onering-client (0.0.95)
      addressable
      deep_merge
      facter (>= 1.7.2)
      hashlib (>= 0.0.25)
      httparty (= 0.11.0)
      multi_json
      rainbow
      trollop
      xml-simple
    posix-spawn (0.3.6)
    rack (1.5.2)
    rack-protection (1.5.0)
      rack
    rack-test (0.6.2)
      rack (>= 1.0)
    racksh (1.0.0)
      rack (>= 1.0)
      rack-test (>= 0.5)
    rainbow (1.1.4)
    rake (10.1.0)
    rdiscount (1.6.8)
    redis (3.0.4)
    redis-namespace (1.3.1)
      redis (~> 3.0.0)
    resque (1.25.1)
      mono_logger (~> 1.0)
      multi_json (~> 1.0)
      redis-namespace (~> 1.2)
      sinatra (>= 0.9.2)
      vegas (~> 0.1.2)
    retryable (1.3.3)
    ridley (1.7.1)
      addressable
      buff-config (~> 0.2)
      buff-extensions (~> 0.3)
      buff-ignore (~> 1.1)
      buff-shell_out (~> 0.1)
      celluloid (~> 0.15)
      celluloid-io (~> 0.15)
      erubis
      faraday (>= 0.8.4)
      hashie (>= 2.0.2)
      json (>= 1.7.7)
      mixlib-authentication (>= 1.3.0)
      net-http-persistent (>= 2.8)
      net-ssh
      retryable
      solve (>= 0.4.4)
      varia_model (~> 0.1)
      winrm (~> 1.1.0)
    rpam-ruby19 (1.2.1)
    rubyipmi (0.7.0)
    rubyntlm (0.1.1)
    savon (0.9.5)
      akami (~> 1.0)
      builder (>= 2.1.2)
      gyoku (>= 0.4.0)
      httpi (~> 0.9)
      nokogiri (>= 1.4.0)
      nori (~> 1.0)
      wasabi (~> 1.0)
    sinatra (1.4.3)
      rack (~> 1.4)
      rack-protection (~> 1.4)
      tilt (~> 1.3, >= 1.3.4)
    sinatra-contrib (1.4.0)
      backports (>= 2.0)
      eventmachine
      rack-protection
      rack-test
      sinatra (~> 1.4.2)
      tilt (~> 1.3)
    sinatra-cross_origin (0.2.0)
    sinatra-session (1.0.0)
      sinatra (>= 1.0)
    snmp (1.1.1)
    solve (0.8.1)
    statsd-ruby (1.2.1)
    thin (1.5.1)
      daemons (>= 1.0.9)
      eventmachine (>= 0.12.6)
      rack (>= 1.0.0)
    thread_safe (0.1.2)
      atomic
    tilt (1.3.7)
    timers (1.1.0)
    trollop (2.0)
    tzinfo (0.3.37)
    uuidtools (2.1.4)
    varia_model (0.2.0)
      buff-extensions (~> 0.2)
      hashie (>= 2.0.2)
    vegas (0.1.11)
      rack (>= 1.0.0)
    wasabi (1.0.0)
      nokogiri (>= 1.4.0)
    winrm (1.1.3)
      gssapi (~> 1.0.0)
      httpclient (~> 2.2, >= 2.2.0.2)
      logging (~> 1.6, >= 1.6.1)
      nokogiri (~> 1.5)
      rubyntlm (~> 0.1.1)
      savon (= 0.9.5)
      uuidtools (~> 2.1.2)
    xml-simple (1.1.2)

PLATFORMS
  ruby

DEPENDENCIES
  activemodel (>= 4.0.0)
  addressable
  babel_bridge
  cucumber
  deep_merge
  elasticsearch (>= 0.4.0)
  eventmachine
  haml
  hashlib (>= 0.0.34)
  ipaddress
  jekyll
  liquid
  msgpack
  multi_json
  net-ldap
  net-ping
  oats
  oj
  onering-client (>= 0.0.95)
  racksh
  rainbow
  rake
  rdiscount (= 1.6.8)
  resque
  ridley
  rpam-ruby19
  rubyipmi
  sinatra
  sinatra-contrib
  sinatra-cross_origin
  sinatra-session
  snmp
  statsd-ruby
  thin
