GIT
  remote: git://github.com/portertech/ruby-pam.git
  revision: 7b296a0048ac0f6a66b85590c45d5d98ddd4afcf
  specs:
    ruby-pam (1.5)

GEM
  remote: http://rubygems.org/
  specs:
    activemodel (3.2.13)
      activesupport (= 3.2.13)
      builder (~> 3.0.0)
    activesupport (3.2.13)
      i18n (= 0.6.1)
      multi_json (~> 1.0)
    addressable (2.3.4)
    babel_bridge (0.5.3)
    backports (3.3.0)
    beaneater (0.3.0)
    bson (1.8.5)
    bson_ext (1.8.5)
      bson (~> 1.8.5)
    builder (3.0.4)
    daemons (1.1.9)
    deep_merge (1.0.0)
    directory_watcher (1.4.1)
    eventmachine (1.0.3)
    ffi (1.8.1)
    haml (4.0.2)
      tilt
    hashlib (0.0.19)
    i18n (0.6.1)
    liquid (2.5.0)
    listen (0.7.3)
    log4r (1.1.10)
    mongo (1.8.5)
      bson (~> 1.8.5)
    mongo_ext (0.19.3)
    mongo_mapper (0.12.0)
      activemodel (~> 3.0)
      activesupport (~> 3.0)
      plucky (~> 0.5.2)
    msgpack (0.5.4)
    multi_json (1.7.2)
    net-http-persistent (2.8)
    net-ldap (0.3.1)
    net-ping (1.6.0)
      ffi (>= 1.0.0)
    oats (0.1.4)
      log4r
      net-http-persistent
    oj (2.0.11)
    plucky (0.5.2)
      mongo (~> 1.5)
    rack (1.5.2)
    rack-protection (1.5.0)
      rack
    rack-test (0.6.2)
      rack (>= 1.0)
    racksh (1.0.0)
      rack (>= 1.0)
      rack-test (>= 0.5)
    rainbow (1.1.4)
    rake (10.0.4)
    rb-inotify (0.8.8)
      ffi (>= 0.5.0)
    rdiscount (1.6.8)
    redis (2.2.2)
    rerun (0.8.0)
      listen
    sinatra (1.4.2)
      rack (~> 1.5, >= 1.5.2)
      rack-protection (~> 1.4)
      tilt (~> 1.3, >= 1.3.4)
    sinatra-contrib (1.4.0)
      backports (>= 2.0)
      eventmachine
      rack-protection
      rack-test
      sinatra (~> 1.4.2)
      tilt (~> 1.3)
    sinatra-cross_origin (0.2.0)
    sinatra-session (1.0.0)
      sinatra (>= 1.0)
    slop (2.1.0)
    stasis (0.1.23)
      directory_watcher (~> 1.4.1)
      redis (~> 2.2.2)
      slop (~> 2.1.0)
      tilt (~> 1.3.3)
      yajl-ruby (~> 1.0.0)
    statsd-ruby (1.2.1)
    thin (1.5.1)
      daemons (>= 1.0.9)
      eventmachine (>= 0.12.6)
      rack (>= 1.0.0)
    tilt (1.3.7)
    yajl-ruby (1.0.0)

PLATFORMS
  ruby

DEPENDENCIES
  addressable
  babel_bridge
  beaneater
  bson_ext
  deep_merge
  eventmachine
  haml
  hashlib (>= 0.0.19)
  liquid
  mongo
  mongo_ext
  mongo_mapper
  msgpack
  multi_json
  net-ldap
  net-ping
  oats
  oj
  racksh
  rainbow
  rake
  rb-inotify (= 0.8.8)
  rdiscount (= 1.6.8)
  rerun
  ruby-pam!
  sinatra
  sinatra-contrib
  sinatra-cross_origin
  sinatra-session
  stasis
  statsd-ruby
  thin
